PATH
  remote: .
  specs:
    r_spec (0.3.4)
      fix (~> 1.0.0.beta4)
      fix-expect (~> 0.4.0)
      matchi-rspec (~> 1.0.0)

GEM
  remote: https://rubygems.org/
  specs:
    ast (2.4.1)
    aw (0.1.11)
    awesome_print (1.8.0)
    byebug (11.1.3)
    defi (2.0.4)
      aw (~> 0.1.10)
    docile (1.3.2)
    fix (1.0.0.beta4)
      defi (~> 2.0.4)
      spectus (~> 3.1.2)
    fix-expect (0.4.0)
      fix (~> 1.0.0.beta3)
      spectus (~> 3.1.2)
    matchi (2.0.0)
    matchi-rspec (1.0.0)
      matchi (~> 2.0.0)
    parallel (1.19.2)
    parser (2.7.1.4)
      ast (~> 2.4.1)
    rainbow (3.0.0)
    rake (13.0.1)
    regexp_parser (1.7.1)
    rexml (3.2.4)
    rubocop (0.87.1)
      parallel (~> 1.10)
      parser (>= 2.7.1.1)
      rainbow (>= 2.2.2, < 4.0)
      regexp_parser (>= 1.7)
      rexml
      rubocop-ast (>= 0.1.0, < 1.0)
      ruby-progressbar (~> 1.7)
      unicode-display_width (>= 1.4.0, < 2.0)
    rubocop-ast (0.1.0)
      parser (>= 2.7.0.1)
    rubocop-performance (1.7.0)
      rubocop (>= 0.82.0)
    rubocop-thread_safety (0.4.1)
      rubocop (>= 0.51.0)
    ruby-progressbar (1.10.1)
    simplecov (0.18.5)
      docile (~> 1.1)
      simplecov-html (~> 0.11)
    simplecov-html (0.12.2)
    spectus (3.1.2)
      defi (~> 2.0.3)
      matchi (~> 2.0.0)
    unicode-display_width (1.7.0)
    yard (0.9.25)

PLATFORMS
  ruby

DEPENDENCIES
  awesome_print
  bundler
  byebug
  r_spec!
  rake
  rubocop-performance
  rubocop-thread_safety
  simplecov
  spectus (~> 3.1)
  yard

BUNDLED WITH
   2.1.4
